GEM
  remote: https://rubygems.org/
  specs:
    actionmailer (4.2.6)
      actionpack (= 4.2.6)
      actionview (= 4.2.6)
      activejob (= 4.2.6)
      mail (~> 2.5, >= 2.5.4)
      rails-dom-testing (~> 1.0, >= 1.0.5)
    actionpack (4.2.6)
      actionview (= 4.2.6)
      activesupport (= 4.2.6)
      rack (~> 1.6)
      rack-test (~> 0.6.2)
      rails-dom-testing (~> 1.0, >= 1.0.5)
      rails-html-sanitizer (~> 1.0, >= 1.0.2)
    actionview (4.2.6)
      activesupport (= 4.2.6)
      builder (~> 3.1)
      erubis (~> 2.7.0)
      rails-dom-testing (~> 1.0, >= 1.0.5)
      rails-html-sanitizer (~> 1.0, >= 1.0.2)
    activejob (4.2.6)
      activesupport (= 4.2.6)
      globalid (>= 0.3.0)
    activemodel (4.2.6)
      activesupport (= 4.2.6)
      builder (~> 3.1)
    activerecord (4.2.6)
      activemodel (= 4.2.6)
      activesupport (= 4.2.6)
      arel (~> 6.0)
    activesupport (4.2.6)
      i18n (~> 0.7)
      json (~> 1.7, >= 1.7.7)
      minitest (~> 5.1)
      thread_safe (~> 0.3, >= 0.3.4)
      tzinfo (~> 1.1)
    addressable (2.4.0)
    arel (6.0.4)
    binding_of_caller (0.8.0)
      debug_inspector (>= 0.0.1)
    buftok (0.2.0)
    builder (3.2.3)
    coffee-rails (4.1.1)
      coffee-script (>= 2.2.0)
      railties (>= 4.0.0, < 5.1.x)
    coffee-script (2.4.1)
      coffee-script-source
      execjs
    coffee-script-source (1.12.2)
    columnize (0.9.0)
    concurrent-ruby (1.1.3)
    cookiejar (0.3.3)
    crack (0.4.3)
      safe_yaml (~> 1.0.0)
    crass (1.0.4)
    daemons (1.2.6)
    debug_inspector (0.0.3)
    debugger (1.6.8)
      columnize (>= 0.3.1)
      debugger-linecache (~> 1.2.0)
      debugger-ruby_core_source (~> 1.3.5)
    debugger-linecache (1.2.0)
    debugger-ruby_core_source (1.3.8)
    diff-lcs (1.3)
    domain_name (0.5.20180417)
      unf (>= 0.0.5, < 1.0.0)
    dotenv (2.5.0)
    dotenv-rails (2.5.0)
      dotenv (= 2.5.0)
      railties (>= 3.2, < 6.0)
    em-http-request (1.1.5)
      addressable (>= 2.3.4)
      cookiejar (!= 0.3.1)
      em-socksify (>= 0.3)
      eventmachine (>= 1.0.3)
      http_parser.rb (>= 0.6.0)
    em-socksify (0.3.2)
      eventmachine (>= 1.0.0.beta.4)
    em-twitter (0.3.5)
      buftok (~> 0.2)
      eventmachine (~> 1.0)
      http_parser.rb (~> 0.6)
      simple_oauth (~> 0.2)
    equalizer (0.0.10)
    erubis (2.7.0)
    eventmachine (1.2.7)
    execjs (2.7.0)
    faraday (0.9.2)
      multipart-post (>= 1.2, < 3)
    globalid (0.4.1)
      activesupport (>= 4.2.0)
    hashdiff (0.3.7)
    http (1.0.4)
      addressable (~> 2.3)
      http-cookie (~> 1.0)
      http-form_data (~> 1.0.1)
      http_parser.rb (~> 0.6.0)
    http-cookie (1.0.3)
      domain_name (~> 0.5)
    http-form_data (1.0.3)
    http_parser.rb (0.6.0)
    i18n (0.9.5)
      concurrent-ruby (~> 1.0)
    jbuilder (2.8.0)
      activesupport (>= 4.2.0)
      multi_json (>= 1.2)
    jquery-rails (4.3.3)
      rails-dom-testing (>= 1, < 3)
      railties (>= 4.2.0)
      thor (>= 0.14, < 2.0)
    json (1.8.6)
    loofah (2.2.3)
      crass (~> 1.0.2)
      nokogiri (>= 1.5.9)
    mail (2.7.1)
      mini_mime (>= 0.1.1)
    memoizable (0.4.2)
      thread_safe (~> 0.3, >= 0.3.1)
    mini_mime (1.0.1)
    mini_portile2 (2.1.0)
    minitest (5.11.3)
    multi_json (1.13.1)
    multipart-post (2.0.0)
    naught (1.1.0)
    nokogiri (1.6.8.1)
      mini_portile2 (~> 2.1.0)
    oauth (0.5.1)
    rack (1.6.11)
    rack-test (0.6.3)
      rack (>= 1.0)
    rails (4.2.6)
      actionmailer (= 4.2.6)
      actionpack (= 4.2.6)
      actionview (= 4.2.6)
      activejob (= 4.2.6)
      activemodel (= 4.2.6)
      activerecord (= 4.2.6)
      activesupport (= 4.2.6)
      bundler (>= 1.3.0, < 2.0)
      railties (= 4.2.6)
      sprockets-rails
    rails-deprecated_sanitizer (1.0.3)
      activesupport (>= 4.2.0.alpha)
    rails-dom-testing (1.0.9)
      activesupport (>= 4.2.0, < 5.0)
      nokogiri (~> 1.6)
      rails-deprecated_sanitizer (>= 1.0.1)
    rails-html-sanitizer (1.0.4)
      loofah (~> 2.2, >= 2.2.2)
    railties (4.2.6)
      actionpack (= 4.2.6)
      activesupport (= 4.2.6)
      rake (>= 0.8.7)
      thor (>= 0.18.1, < 2.0)
    rake (12.2.1)
    rdoc (4.3.0)
    rspec (3.8.0)
      rspec-core (~> 3.8.0)
      rspec-expectations (~> 3.8.0)
      rspec-mocks (~> 3.8.0)
    rspec-core (3.8.0)
      rspec-support (~> 3.8.0)
    rspec-expectations (3.8.2)
      diff-lcs (>= 1.2.0, < 2.0)
      rspec-support (~> 3.8.0)
    rspec-mocks (3.8.0)
      diff-lcs (>= 1.2.0, < 2.0)
      rspec-support (~> 3.8.0)
    rspec-rails (3.8.1)
      actionpack (>= 3.0)
      activesupport (>= 3.0)
      railties (>= 3.0)
      rspec-core (~> 3.8.0)
      rspec-expectations (~> 3.8.0)
      rspec-mocks (~> 3.8.0)
      rspec-support (~> 3.8.0)
    rspec-support (3.8.0)
    safe_yaml (1.0.4)
    sass (3.4.25)
    sass-rails (5.0.7)
      railties (>= 4.0.0, < 6)
      sass (~> 3.1)
      sprockets (>= 2.8, < 4.0)
      sprockets-rails (>= 2.0, < 4.0)
      tilt (>= 1.1, < 3)
    sdoc (0.4.2)
      json (~> 1.7, >= 1.7.7)
      rdoc (~> 4.0)
    simple_oauth (0.3.1)
    spring (2.0.2)
      activesupport (>= 4.2)
    sprockets (3.7.2)
      concurrent-ruby (~> 1.0)
      rack (> 1, < 3)
    sprockets-rails (3.2.1)
      actionpack (>= 4.0)
      activesupport (>= 4.0)
      sprockets (>= 3.0.0)
    sqlite3 (1.3.13)
    thor (0.20.3)
    thread_safe (0.3.6)
    tilt (2.0.8)
    tweetstream (2.6.1)
      daemons (~> 1.1)
      em-http-request (>= 1.1.1)
      em-twitter (~> 0.3)
      multi_json (~> 1.3)
      twitter (~> 5.5)
    twitter (5.17.0)
      addressable (~> 2.3)
      buftok (~> 0.2.0)
      equalizer (= 0.0.10)
      faraday (~> 0.9.0)
      http (~> 1.0)
      http_parser.rb (~> 0.6.0)
      json (~> 1.8)
      memoizable (~> 0.4.0)
      naught (~> 1.0)
      simple_oauth (~> 0.3.0)
    tzinfo (1.2.5)
      thread_safe (~> 0.1)
    uglifier (4.1.20)
      execjs (>= 0.3.0, < 3)
    unf (0.1.4)
      unf_ext
    unf_ext (0.0.7.5)
    web-console (2.3.0)
      activemodel (>= 4.0)
      binding_of_caller (>= 0.7.2)
      railties (>= 4.0)
      sprockets-rails (>= 2.0, < 4.0)
    webmock (2.3.2)
      addressable (>= 2.3.6)
      crack (>= 0.3.2)
      hashdiff

PLATFORMS
  ruby

DEPENDENCIES
  coffee-rails (~> 4.1.0)
  debugger
  dotenv-rails
  jbuilder (~> 2.0)
  jquery-rails
  oauth
  rails (= 4.2.6)
  rspec (~> 3.8)
  rspec-rails
  sass-rails (~> 5.0)
  sdoc (~> 0.4.0)
  spring
  sqlite3
  tweetstream
  uglifier (>= 1.3.0)
  web-console (~> 2.0)
  webmock

BUNDLED WITH
   1.16.6
