GEM
  remote: https://rubygems.org/
  specs:
    rack (1.6.13)
    rack-protection (1.5.5)
      rack
    sinatra (1.4.8)
      rack (~> 1.5)
      rack-protection (~> 1.4)
      tilt (>= 1.3, < 3)
    tilt (2.0.10)

PLATFORMS
  x86_64-linux

DEPENDENCIES
  sinatra (~> 1.4, >= 1.4.7)

BUNDLED WITH
   2.2.27
