GEM
  remote: https://rubygems.org/
  specs:
    haml (3.1.4)
    httparty (0.8.1)
      multi_json
      multi_xml
    json (1.6.5)
    multi_json (1.1.0)
    multi_xml (0.4.2)
    rack (1.4.1)
    rack-protection (1.2.0)
      rack
    sinatra (1.3.2)
      rack (~> 1.3, >= 1.3.6)
      rack-protection (~> 1.2)
      tilt (~> 1.3, >= 1.3.3)
    tilt (1.3.3)

PLATFORMS
  ruby

DEPENDENCIES
  haml
  httparty
  json
  sinatra
