GIT
  remote: https://github.com/sinatra/sinatra.git
  revision: 11119a8b5c92965a418ab201d5a55877282f2885
  specs:
    rack-protection (3.1.0)
      base64 (>= 0.1.0)
      rack (~> 2.2, >= 2.2.4)
    sinatra (3.1.0)
      mustermann (~> 3.0)
      rack (~> 2.2, >= 2.2.4)
      rack-protection (= 3.1.0)
      tilt (~> 2.0)

GEM
  remote: https://rubygems.org/
  specs:
    base64 (0.2.0)
    debug (1.9.1)
      irb (~> 1.10)
      reline (>= 0.3.8)
    io-console (0.7.1)
    irb (1.11.0)
      rdoc
      reline (>= 0.3.8)
    mustermann (3.0.0)
      ruby2_keywords (~> 0.0.1)
    nio4r (2.6.1)
    psych (5.1.2)
      stringio
    puma (6.4.0)
      nio4r (~> 2.0)
    rack (2.2.8)
    rdoc (6.6.2)
      psych (>= 4.0.0)
    reline (0.4.1)
      io-console (~> 0.5)
    ruby2_keywords (0.0.5)
    stringio (3.1.0)
    tilt (2.3.0)

PLATFORMS
  x86_64-linux

DEPENDENCIES
  debug
  puma
  sinatra!

BUNDLED WITH
   2.4.10
