GEM
  remote: https://rubygems.org/
  specs:
    actionmailer (4.0.2)
      actionpack (= 4.0.2)
      mail (~> 2.5.4)
    actionpack (4.0.2)
      activesupport (= 4.0.2)
      builder (~> 3.1.0)
      erubis (~> 2.7.0)
      rack (~> 1.5.2)
      rack-test (~> 0.6.2)
    activemodel (4.0.2)
      activesupport (= 4.0.2)
      builder (~> 3.1.0)
    activerecord (4.0.2)
      activemodel (= 4.0.2)
      activerecord-deprecated_finders (~> 1.0.2)
      activesupport (= 4.0.2)
      arel (~> 4.0.0)
    activerecord-deprecated_finders (1.0.3)
    activesupport (4.0.2)
      i18n (~> 0.6, >= 0.6.4)
      minitest (~> 4.2)
      multi_json (~> 1.3)
      thread_safe (~> 0.1)
      tzinfo (~> 0.3.37)
    addressable (2.3.5)
    arel (4.0.1)
    atomic (1.1.14)
    bootstrap-sass-rails (3.0.0.3)
      railties (>= 3.1.0)
      sass-rails (>= 3.1.0)
    bovem (3.0.3)
      lazier (~> 3.3.9)
      open4 (~> 1.3.0)
    brauser (3.2.4)
      lazier (~> 3.3.9)
    buftok (0.2.0)
    builder (3.1.4)
    clavem (2.0.0)
      bovem (~> 3.0.2)
      eventmachine (~> 1.0.3)
      eventmachine_httpserver (~> 0.2.1)
    coffee-rails (4.0.1)
      coffee-script (>= 2.2.0)
      railties (>= 4.0.0, < 5.0)
    coffee-script (2.2.0)
      coffee-script-source
      execjs
    coffee-script-source (1.6.3)
    daemons (1.1.9)
    descendants_tracker (0.0.3)
    diff-lcs (1.2.5)
    docile (1.1.1)
    equalizer (0.0.8)
    erubis (2.7.0)
    eventmachine (1.0.3)
    eventmachine_httpserver (0.2.1)
    execjs (2.0.2)
    faraday (0.8.8)
      multipart-post (~> 1.2.0)
    font-awesome-rails (4.0.1.0)
      railties (>= 3.2, < 5.0)
    hashie (2.0.5)
    hike (1.2.3)
    http (0.5.0)
      http_parser.rb
    http_parser.rb (0.5.3)
    i18n (0.6.9)
    jquery-rails (3.0.4)
      railties (>= 3.0, < 5.0)
      thor (>= 0.14, < 2.0)
    json (1.8.1)
    lazier (3.3.10)
      activesupport (>= 3.2.13)
      hashie (~> 2.0.5)
      json (~> 1.8.0)
      r18n-desktop (~> 1.1.5)
      tzinfo (>= 0.3.37)
    libv8 (3.16.14.3)
    mail (2.5.4)
      mime-types (~> 1.16)
      treetop (~> 1.4.8)
    memoizable (0.2.0)
      thread_safe (~> 0.1.3)
    mime-types (1.25.1)
    minitest (4.7.5)
    multi_json (1.8.2)
    multipart-post (1.2.0)
    oauth (0.4.7)
    open4 (1.3.0)
    polyglot (0.3.3)
    r18n-core (1.1.7)
    r18n-desktop (1.1.7)
      r18n-core (= 1.1.7)
    rack (1.5.2)
    rack-test (0.6.2)
      rack (>= 1.0)
    rails (4.0.2)
      actionmailer (= 4.0.2)
      actionpack (= 4.0.2)
      activerecord (= 4.0.2)
      activesupport (= 4.0.2)
      bundler (>= 1.3.0, < 2.0)
      railties (= 4.0.2)
      sprockets-rails (~> 2.0.0)
    railties (4.0.2)
      actionpack (= 4.0.2)
      activesupport (= 4.0.2)
      rake (>= 0.8.7)
      thor (>= 0.18.1, < 2.0)
    rake (10.1.0)
    ref (1.0.5)
    rspec-collection_matchers (0.0.2)
      rspec-expectations (>= 2.99.0.beta1)
    rspec-core (3.0.0.beta1)
    rspec-expectations (3.0.0.beta1)
      diff-lcs (>= 1.1.3, < 2.0)
      rspec-support (= 3.0.0.beta1)
    rspec-mocks (3.0.0.beta1)
    rspec-rails (3.0.0.beta1)
      actionpack (>= 3.0)
      activemodel (>= 3.0)
      activesupport (>= 3.0)
      railties (>= 3.0)
      rspec-collection_matchers
      rspec-core (= 3.0.0.beta1)
      rspec-expectations (= 3.0.0.beta1)
      rspec-mocks (= 3.0.0.beta1)
    rspec-support (3.0.0.beta1)
    sass (3.2.12)
    sass-rails (4.0.1)
      railties (>= 4.0.0, < 5.0)
      sass (>= 3.1.10)
      sprockets-rails (~> 2.0.0)
    simple_oauth (0.2.0)
    simplecov (0.8.2)
      docile (~> 1.1.0)
      multi_json
      simplecov-html (~> 0.8.0)
    simplecov-html (0.8.0)
    slim (2.0.2)
      temple (~> 0.6.6)
      tilt (>= 1.3.3, < 2.1)
    sprockets (2.10.1)
      hike (~> 1.2)
      multi_json (~> 1.0)
      rack (~> 1.0)
      tilt (~> 1.1, != 1.3.0)
    sprockets-rails (2.0.1)
      actionpack (>= 3.0)
      activesupport (>= 3.0)
      sprockets (~> 2.8)
    sugar-rails (1.4.1)
      railties (>= 3.0.0)
    temple (0.6.7)
    therubyracer (0.12.0)
      libv8 (~> 3.16.14.0)
      ref
    thin (1.6.1)
      daemons (>= 1.0.9)
      eventmachine (>= 1.0.0)
      rack (>= 1.0.0)
    thor (0.18.1)
    thread_safe (0.1.3)
      atomic
    tilt (1.4.1)
    treetop (1.4.15)
      polyglot
      polyglot (>= 0.3.1)
    twitter (5.1.1)
      addressable (~> 2.3)
      buftok (~> 0.2.0)
      descendants_tracker (~> 0.0.1)
      equalizer (~> 0.0.7)
      faraday (>= 0.8, < 0.10)
      http (~> 0.5.0)
      http_parser.rb (~> 0.5.0)
      json (~> 1.8)
      memoizable (~> 0.2.0)
      simple_oauth (~> 0.2.0)
    tzinfo (0.3.38)
    uglifier (2.3.2)
      execjs (>= 0.3.0)
      json (>= 1.8.0)

PLATFORMS
  ruby

DEPENDENCIES
  bootstrap-sass-rails (~> 3.0.0.3)
  bovem (~> 3.0.3)
  brauser (~> 3.2.4)
  clavem (~> 2.0.0)
  coffee-rails (~> 4.0.1)
  font-awesome-rails (~> 4.0.1.0)
  jquery-rails (~> 3.0.4)
  json (~> 1.8.1)
  lazier (~> 3.3.10)
  oauth (~> 0.4.7)
  rails (~> 4.0.2)
  rspec-rails (~> 3.0.0.beta1)
  sass-rails (~> 4.0.1)
  simplecov (~> 0.8.0)
  slim (~> 2.0.2)
  sugar-rails (~> 1.4.0)
  therubyracer (~> 0.12.0)
  thin (~> 1.6.1)
  twitter (~> 5.1.1)
  uglifier (~> 2.3.2)
