GIT
  remote: git://github.com/sinatra/sinatra.git
  revision: bac3f4f6716ba642e3bbd47997329f38b0f03cf5
  specs:
    sinatra (1.4.0)
      rack (~> 1.4)
      rack-protection (~> 1.3)
      tilt (~> 1.3, >= 1.3.3)

GEM
  remote: http://rubygems.org/
  specs:
    addressable (2.3.2)
    cookiejar (0.3.0)
    daemons (1.1.9)
    diff-lcs (1.1.3)
    em-http-request (1.0.3)
      addressable (>= 2.2.3)
      cookiejar
      em-socksify
      eventmachine (>= 1.0.0.beta.4)
      http_parser.rb (>= 0.5.3)
    em-socksify (0.2.1)
      eventmachine (>= 1.0.0.beta.4)
    em-twitter (0.2.1)
      eventmachine (~> 1.0)
      http_parser.rb (~> 0.5)
      simple_oauth (~> 0.1)
    eventmachine (1.0.0)
    faraday (0.8.4)
      multipart-post (~> 1.1)
    http_parser.rb (0.5.3)
    multi_json (1.5.0)
    multipart-post (1.1.5)
    rack (1.5.1)
    rack-protection (1.3.2)
      rack
    rspec (2.12.0)
      rspec-core (~> 2.12.0)
      rspec-expectations (~> 2.12.0)
      rspec-mocks (~> 2.12.0)
    rspec-core (2.12.2)
    rspec-expectations (2.12.1)
      diff-lcs (~> 1.1.3)
    rspec-mocks (2.12.2)
    simple_oauth (0.2.0)
    thin (1.5.0)
      daemons (>= 1.0.9)
      eventmachine (>= 0.12.6)
      rack (>= 1.0.0)
    tilt (1.3.3)
    tweetstream (2.4.0)
      daemons (~> 1.1)
      em-http-request (~> 1.0.2)
      em-twitter (~> 0.2)
      twitter (~> 4.0)
      yajl-ruby (~> 1.1)
    twitter (4.5.0)
      faraday (~> 0.8, < 0.10)
      multi_json (~> 1.0)
      simple_oauth (~> 0.2)
    yajl-ruby (1.1.0)

PLATFORMS
  ruby

DEPENDENCIES
  rspec (~> 2.12.0)
  sinatra!
  thin (~> 1.5.0)
  tweetstream
