GEM
  remote: https://rubygems.org/
  specs:
    diff-lcs (1.4.4)
    ethon (0.12.0)
      ffi (>= 1.3.0)
    ffi (1.15.0)
    mustermann (1.1.1)
      ruby2_keywords (~> 0.0.1)
    rack (2.2.3)
    rack-protection (2.1.0)
      rack
    rspec (3.10.0)
      rspec-core (~> 3.10.0)
      rspec-expectations (~> 3.10.0)
      rspec-mocks (~> 3.10.0)
    rspec-core (3.10.1)
      rspec-support (~> 3.10.0)
    rspec-expectations (3.10.1)
      diff-lcs (>= 1.2.0, < 2.0)
      rspec-support (~> 3.10.0)
    rspec-mocks (3.10.2)
      diff-lcs (>= 1.2.0, < 2.0)
      rspec-support (~> 3.10.0)
    rspec-support (3.10.2)
    ruby2_keywords (0.0.4)
    sinatra (2.1.0)
      mustermann (~> 1.0)
      rack (~> 2.2)
      rack-protection (= 2.1.0)
      tilt (~> 2.0)
    tilt (2.0.10)
    typhoeus (1.4.0)
      ethon (>= 0.9.0)

PLATFORMS
  ruby

DEPENDENCIES
  rspec (~> 3.10)
  sinatra
  typhoeus

RUBY VERSION
   ruby 2.5.8p224

BUNDLED WITH
   1.17.3
