GEM
  remote: https://rubygems.org/
  specs:
    json (2.5.1)
    oauth (0.5.6)
    rack (1.6.13)
    rack-protection (1.5.5)
      rack
    sinatra (1.4.8)
      rack (~> 1.5)
      rack-protection (~> 1.4)
      tilt (>= 1.3, < 3)
    tilt (2.0.10)
    twitterstream (0.2.1)
      json (>= 1.2.0)
      oauth (>= 0.4.1)

PLATFORMS
  x86_64-linux

DEPENDENCIES
  sinatra (~> 1.4, >= 1.4.7)
  twitterstream (~> 0.2.1)

BUNDLED WITH
   2.2.27
