GEM
  remote: https://rubygems.org/
  specs:
    diff-lcs (1.4.4)
    rake (13.0.6)
    rspec-core (3.10.1)
      rspec-support (~> 3.10.0)
    rspec-expectations (3.10.1)
      diff-lcs (>= 1.2.0, < 2.0)
      rspec-support (~> 3.10.0)
    rspec-mocks (3.10.2)
      diff-lcs (>= 1.2.0, < 2.0)
      rspec-support (~> 3.10.0)
    rspec-rake (0.0.4)
      rake
      rspec-core
    rspec-support (3.10.2)

PLATFORMS
  ruby

DEPENDENCIES
  rspec-expectations
  rspec-mocks
  rspec-rake

BUNDLED WITH
   1.17.2
